PATH
  remote: .
  specs:
    trans-api (0.0.4)
      json (> 1.6.1)
      nokogiri (> 1.5.0)

GEM
  remote: https://rubygems.org/
  specs:
    json (1.8.1)
    mini_portile (0.6.0)
    nokogiri (1.6.2.1)
      mini_portile (= 0.6.0)
    rake (10.3.2)
    test-unit (2.5.2)

PLATFORMS
  java
  ruby

DEPENDENCIES
  rake
  test-unit (> 2.0.0)
  trans-api!
