PATH
  remote: .
  specs:
    trans-api (0.0.5)
      json (> 1.6.1)
      nokogiri (> 1.5.0)

GEM
  remote: https://rubygems.org/
  specs:
    coveralls (0.7.2)
      multi_json (~> 1.3)
      rest-client (= 1.6.7)
      simplecov (>= 0.7)
      term-ansicolor (= 1.2.2)
      thor (= 0.18.1)
    docile (1.1.5)
    json (1.8.2)
    json (1.8.2-java)
    mime-types (2.4.3)
    mini_portile (0.6.2)
    multi_json (1.10.1)
    nokogiri (1.6.5)
      mini_portile (~> 0.6.0)
    nokogiri (1.6.5-java)
    power_assert (0.2.2)
    rake (10.4.2)
    rest-client (1.6.7)
      mime-types (>= 1.16)
    simplecov (0.9.1)
      docile (~> 1.1.0)
      multi_json (~> 1.0)
      simplecov-html (~> 0.8.0)
    simplecov-html (0.8.0)
    term-ansicolor (1.2.2)
      tins (~> 0.8)
    test-unit (3.0.9)
      power_assert
    thor (0.18.1)
    tins (0.13.2)

PLATFORMS
  java
  ruby

DEPENDENCIES
  coveralls (> 0.7.0)
  rake (> 10.0.0)
  test-unit (> 3.0.0)
  trans-api!
