PATH
  remote: .
  specs:
    trans-api (0.0.5)
      json (> 1.6.1)
      nokogiri (> 1.5.0)

GEM
  remote: https://rubygems.org/
  specs:
    coveralls (0.7.1)
      multi_json (~> 1.3)
      rest-client
      simplecov (>= 0.7)
      term-ansicolor
      thor
    docile (1.1.5)
    json (1.8.1)
    json (1.8.1-java)
    mime-types (2.3)
    mini_portile (0.6.0)
    multi_json (1.10.1)
    netrc (0.7.7)
    nokogiri (1.6.3.1)
      mini_portile (= 0.6.0)
    nokogiri (1.6.3.1-java)
    power_assert (0.1.3)
    rake (10.3.2)
    rest-client (1.7.2)
      mime-types (>= 1.16, < 3.0)
      netrc (~> 0.7)
    simplecov (0.9.1)
      docile (~> 1.1.0)
      multi_json (~> 1.0)
      simplecov-html (~> 0.8.0)
    simplecov-html (0.8.0)
    term-ansicolor (1.3.0)
      tins (~> 1.0)
    test-unit (3.0.1)
      power_assert
    thor (0.19.1)
    tins (1.3.3)

PLATFORMS
  java
  ruby

DEPENDENCIES
  coveralls (> 0.7.0)
  rake (> 10.0.0)
  test-unit (> 3.0.0)
  trans-api!
